GIT
  remote: git://github.com/plataformatec/simple_form.git
  revision: de3f1dfce9e884569d2982e9776afae038fa0c11
  specs:
    simple_form (2.0.0.dev)
      actionpack (~> 3.0)
      activemodel (~> 3.0)

GIT
  remote: git://github.com/ryanb/cancan.git
  revision: c94de4ab1805d2e080ebd658051c59d0ec5147ce
  branch: 2.0
  specs:
    cancan (2.0.0.alpha)

GIT
  remote: git://github.com/ryanb/nested_form.git
  revision: 57f32788f1952bcd633057b4b56b69b51df17610
  specs:
    nested_form (0.1.1)

PATH
  remote: vendor/plugins/grit-2.4.1
  specs:
    grit (2.4.1)
      diff-lcs (~> 1.1)
      mime-types (~> 1.15)

GEM
  remote: http://ruby.taobao.org/
  specs:
    Platform (0.4.0)
    actionmailer (3.1.3)
      actionpack (= 3.1.3)
      mail (~> 2.3.0)
    actionpack (3.1.3)
      activemodel (= 3.1.3)
      activesupport (= 3.1.3)
      builder (~> 3.0.0)
      erubis (~> 2.7.0)
      i18n (~> 0.6)
      rack (~> 1.3.5)
      rack-cache (~> 1.1)
      rack-mount (~> 0.8.2)
      rack-test (~> 0.6.1)
      sprockets (~> 2.0.3)
    active_reload (0.6.1)
    activemodel (3.1.3)
      activesupport (= 3.1.3)
      builder (~> 3.0.0)
      i18n (~> 0.6)
    activerecord (3.1.3)
      activemodel (= 3.1.3)
      activesupport (= 3.1.3)
      arel (~> 2.2.1)
      tzinfo (~> 0.3.29)
    activeresource (3.1.3)
      activemodel (= 3.1.3)
      activesupport (= 3.1.3)
    activesupport (3.1.3)
      multi_json (~> 1.0)
    activevalidators (1.8.0)
      activemodel (>= 3.0.0)
      activerecord (>= 3.0.0)
      date_validator
      mail
      rake (>= 0.8.7)
    addressable (2.2.6)
    airbrake (3.0.9)
      activesupport
      builder
    ancestry (1.2.4)
      activerecord (>= 2.2.2)
    annotate (2.4.1.beta1)
    arel (2.2.1)
    attribute_enums (0.1.7)
      activerecord (~> 3.0)
      activesupport (~> 3.0)
    backup (3.0.19)
      popen4 (~> 0.1.2)
      thor (~> 0.14.6)
    basic_model (0.3.2)
      activemodel (~> 3.0)
      activesupport (~> 3.0)
    bcrypt-ruby (3.0.1)
    best_in_place (1.0.4)
      jquery-rails
      rails (~> 3.1.0)
    builder (3.0.0)
    by_star (1.0.1)
      activerecord (>= 2.0.0)
      chronic
    capistrano (2.9.0)
      highline
      net-scp (>= 1.0.0)
      net-sftp (>= 2.0.0)
      net-ssh (>= 2.0.14)
      net-ssh-gateway (>= 1.1.0)
    capybara (1.1.2)
      mime-types (>= 1.16)
      nokogiri (>= 1.3.3)
      rack (>= 1.0.0)
      rack-test (>= 0.5.4)
      selenium-webdriver (~> 2.0)
      xpath (~> 0.1.4)
    carrierwave (0.5.8)
      activesupport (~> 3.0)
    cells (3.8.0)
      actionpack (~> 3.0)
      railties (~> 3.0)
    childprocess (0.2.3)
      ffi (~> 1.0.6)
    chronic (0.6.6)
    chunky_png (1.2.5)
    ckeditor (3.6.3)
      mime-types (~> 1.16)
      orm_adapter (~> 0.0.5)
    coderay (0.9.8)
    coffee-rails (3.1.1)
      coffee-script (>= 2.2.0)
      railties (~> 3.1.0)
    coffee-script (2.2.0)
      coffee-script-source
      execjs
    coffee-script-source (1.2.0)
    daemons (1.1.4)
    database_cleaner (0.7.0)
    date_validator (0.6.2)
      activemodel (>= 3.0.0, < 3.2.0)
    diff-lcs (1.1.3)
    em-dir-watcher (0.9.4)
    em-websocket (0.3.5)
      addressable (>= 2.1.1)
      eventmachine (>= 0.12.9)
    erubis (2.7.0)
    eventmachine (1.0.0.beta.4)
    exception_notification (2.5.2)
      actionmailer (>= 3.0.4)
    execjs (1.2.9)
      multi_json (~> 1.0)
    faraday (0.6.1)
      addressable (~> 2.2.4)
      multipart-post (~> 1.1.0)
      rack (>= 1.1.0, < 2)
    ffaker (1.10.1)
    ffi (1.0.11)
    foreman (0.26.1)
      term-ansicolor (~> 1.0.5)
      thor (>= 0.13.6)
    friendly_id (4.0.0.beta14)
    gravtastic (3.2.6)
    guard (0.8.8)
      thor (~> 0.14.6)
    guard-rspec (0.5.8)
      guard (>= 0.8.4)
    guard-spork (0.3.2)
      guard (>= 0.8.4)
      spork (>= 0.8.4)
    haml (3.1.4)
    haml-rails (0.3.4)
      actionpack (~> 3.0)
      activesupport (~> 3.0)
      haml (~> 3.0)
      railties (~> 3.0)
    high_voltage (1.0.1)
    highline (1.6.8)
    hike (1.2.1)
    i18n (0.6.0)
    jquery-rails (1.0.19)
      railties (~> 3.0)
      thor (~> 0.14)
    json (1.6.4)
    kaminari (0.12.4)
      rails (>= 3.0.0)
    libnotify (0.6.0)
      ffi (~> 1.0.0)
    libv8 (3.3.10.4)
    livereload (1.6.1)
      em-dir-watcher (>= 0.1)
      em-websocket (>= 0.3.5)
      json (>= 1.5.3)
    macaddr (1.5.0)
      systemu (>= 2.4.0)
    machinist (2.0.0.beta2)
    mail (2.3.0)
      i18n (>= 0.4.0)
      mime-types (~> 1.16)
      treetop (~> 1.4.8)
    mail_view (1.0.2)
    method_source (0.6.7)
      ruby_parser (>= 2.3.1)
    mime-types (1.17.2)
    mini_magick (3.4)
      subexec (~> 0.2.1)
    multi_json (1.0.4)
    multipart-post (1.1.4)
    net-scp (1.0.4)
      net-ssh (>= 1.99.1)
    net-sftp (2.0.5)
      net-ssh (>= 2.0.9)
    net-ssh (2.2.1)
    net-ssh-gateway (1.1.0)
      net-ssh (>= 1.99.1)
    nokogiri (1.5.0)
    oauth (0.4.5)
    oauth2 (0.4.1)
      faraday (~> 0.6.1)
      multi_json (>= 0.0.5)
    open4 (1.3.0)
    orm_adapter (0.0.5)
    paranoia (1.1.0)
      activerecord (>= 3.0.0)
    pg (0.12.0pre258)
      rake-compiler (~> 0.7)
    polyamorous (0.5.0)
      activerecord (~> 3.0)
    polyglot (0.3.3)
    popen4 (0.1.2)
      Platform (>= 0.4.0)
      open4 (>= 0.4.0)
    pry (0.9.7.4)
      coderay (~> 0.9.8)
      method_source (~> 0.6.7)
      ruby_parser (>= 2.3.1)
      slop (~> 2.1.0)
    pry-doc (0.3.0)
      pry (>= 0.9.0)
      yard (>= 0.6.4)
    pry-rails (0.0.4)
      pry
      pry-doc
    rack (1.3.5)
    rack-cache (1.1)
      rack (>= 0.4)
    rack-livereload (0.3.3)
      rack
    rack-mount (0.8.3)
      rack (>= 1.0.0)
    rack-protection (1.1.4)
      rack
    rack-ssl (1.3.2)
      rack
    rack-test (0.6.1)
      rack (>= 1.0)
    rails (3.1.3)
      actionmailer (= 3.1.3)
      actionpack (= 3.1.3)
      activerecord (= 3.1.3)
      activeresource (= 3.1.3)
      activesupport (= 3.1.3)
      bundler (~> 1.0)
      railties (= 3.1.3)
    rails-erd (0.4.5)
      activerecord (~> 3.0)
      activesupport (~> 3.0)
      ruby-graphviz (~> 0.9.18)
    rails-i18n (0.1.11)
      i18n (~> 0.5)
    rails_config (0.2.5)
      activesupport (>= 3.0)
    railties (3.1.3)
      actionpack (= 3.1.3)
      activesupport (= 3.1.3)
      rack-ssl (~> 1.3.2)
      rake (>= 0.8.7)
      rdoc (~> 3.4)
      thor (~> 0.14.6)
    rake (0.9.2.2)
    rake-compiler (0.7.9)
      rake
    ransack (0.5.8)
      actionpack (~> 3.0)
      activerecord (~> 3.0)
      polyamorous (~> 0.5.0)
    rb-inotify (0.8.8)
      ffi (>= 0.5.0)
    rdoc (3.12)
      json (~> 1.4)
    redis (2.2.2)
    redis-namespace (1.0.3)
      redis (< 3.0.0)
    redis-objects (0.5.2)
      redis (>= 2.1.1)
    redis-store (1.0.0.1)
      redis (~> 2.2.1)
    redisk (0.2.2)
      redis (>= 0.1.1)
      redis-namespace (>= 0.1.0)
    responders (0.6.4)
    resque (1.19.0)
      multi_json (~> 1.0)
      redis-namespace (~> 1.0.2)
      sinatra (>= 0.9.2)
      vegas (~> 0.1.2)
    resque-scheduler (1.9.9)
      redis (>= 2.0.1)
      resque (>= 1.8.0)
      rufus-scheduler
    resque-status (0.2.4)
      redisk (>= 0.2.1)
      resque (>= 1.3.1)
      uuid (>= 2.0.2)
    resque_mailer (2.0.2)
      actionmailer (>= 3.0.0)
      resque (>= 1.2.3)
    riddle (1.5.0)
    rmagick (2.13.1)
    rr (1.0.4)
    rspec (2.7.0)
      rspec-core (~> 2.7.0)
      rspec-expectations (~> 2.7.0)
      rspec-mocks (~> 2.7.0)
    rspec-core (2.7.1)
    rspec-expectations (2.7.0)
      diff-lcs (~> 1.1.2)
    rspec-mocks (2.7.0)
    rspec-rails (2.7.0)
      actionpack (~> 3.0)
      activesupport (~> 3.0)
      railties (~> 3.0)
      rspec (~> 2.7.0)
    ruby-graphviz (0.9.21)
    ruby_parser (2.3.1)
      sexp_processor (~> 3.0)
    rubyzip (0.9.5)
    rufus-scheduler (2.0.13)
      tzinfo (>= 0.3.23)
    sass (3.1.12)
    sass-rails (3.1.5)
      actionpack (~> 3.1.0)
      railties (~> 3.1.0)
      sass (~> 3.1.10)
      tilt (~> 1.3.2)
    selenium-webdriver (2.14.0)
      childprocess (>= 0.2.1)
      ffi (~> 1.0.9)
      multi_json (~> 1.0.4)
      rubyzip
    sexp_processor (3.0.8)
    show_for (0.2.4)
    sinatra (1.3.1)
      rack (~> 1.3, >= 1.3.4)
      rack-protection (~> 1.1, >= 1.1.2)
      tilt (~> 1.3, >= 1.3.3)
    slop (2.1.0)
    sorcery (0.7.5)
      bcrypt-ruby (~> 3.0.0)
      oauth (~> 0.4.4)
      oauth (~> 0.4.4)
      oauth2 (~> 0.4.1)
      oauth2 (~> 0.4.1)
    spork (0.8.5)
    sprite-factory (1.4.1)
    sprockets (2.0.3)
      hike (~> 1.2)
      rack (~> 1.0)
      tilt (~> 1.1, != 1.3.0)
    sqlite3 (1.3.4)
    squeel (0.9.3)
      activerecord (~> 3.0)
      activesupport (~> 3.0)
      polyamorous (~> 0.5.0)
    stringex (1.3.0)
    subexec (0.2.1)
    systemu (2.4.1)
    term-ansicolor (1.0.7)
    therubyracer (0.9.9)
      libv8 (~> 3.3.10)
    thin (1.3.1)
      daemons (>= 1.0.9)
      eventmachine (>= 0.12.6)
      rack (>= 1.0.0)
    thinking-sphinx (2.0.10)
      activerecord (>= 3.0.3)
      builder (>= 2.1.2)
      riddle (>= 1.5.0)
    thor (0.14.6)
    tilt (1.3.3)
    timecop (0.3.5)
    treetop (1.4.10)
      polyglot
      polyglot (>= 0.3.1)
    tzinfo (0.3.31)
    uglifier (1.1.0)
      execjs (>= 0.3.0)
      multi_json (>= 1.0.2)
    uuid (2.3.4)
      macaddr (~> 1.0)
    valid_attribute (1.2.0)
    vegas (0.1.8)
      rack (>= 1.0.0)
    xpath (0.1.4)
      nokogiri (~> 1.3)
    yard (0.7.4)

PLATFORMS
  ruby

DEPENDENCIES
  active_reload (~> 0.6.1)
  activevalidators (~> 1.8.0)
  airbrake
  ancestry (~> 1.2.4)
  annotate (~> 2.4.1.beta1)
  attribute_enums (~> 0.1.7)
  backup (~> 3.0.19)
  basic_model (~> 0.3.2)
  best_in_place (~> 1.0.4)
  by_star (~> 1.0.1)
  cancan!
  capistrano (~> 2.9.0)
  capybara (~> 1.1.2)
  carrierwave (~> 0.5.8)
  cells (~> 3.8.0)
  chunky_png (~> 1.2.5)
  ckeditor
  coffee-rails (~> 3.1.1)
  database_cleaner (~> 0.7.0)
  eventmachine (~> 1.0.0.beta.4)
  exception_notification (~> 2.5.2)
  ffaker (~> 1.10.1)
  foreman (~> 0.26.1)
  friendly_id (~> 4.0.0.beta14)
  gravtastic (~> 3.2.3)
  grit!
  guard (~> 0.8.8)
  guard-rspec (~> 0.5.4)
  guard-spork (~> 0.3.1)
  haml-rails (~> 0.3.4)
  high_voltage (~> 1.0.1)
  jquery-rails
  kaminari (~> 0.12.4)
  libnotify
  livereload (~> 1.6.1)
  machinist (>= 2.0.0.beta2)
  mail_view (~> 1.0.2)
  mini_magick
  nested_form!
  nokogiri (~> 1.5.0)
  paranoia (~> 1.1.0)
  pg (~> 0.12.0pre258)
  pry (~> 0.9.7.4)
  pry-rails
  rack-livereload
  rails (= 3.1.3)
  rails-erd (~> 0.4.5)
  rails-i18n (~> 0.1.10)
  rails_config (~> 0.2.5)
  ransack (~> 0.5.8)
  rb-inotify (~> 0.8.8)
  redis-objects (~> 0.5.2)
  redis-store (~> 1.0.0.1)
  responders (~> 0.6.4)
  resque (~> 1.19.0)
  resque-scheduler (~> 1.9.9)
  resque-status (~> 0.2.4)
  resque_mailer (~> 2.0.2)
  rmagick (~> 2.13.1)
  rr (~> 1.0.4)
  rspec-rails (~> 2.7)
  sass-rails (~> 3.1.4)
  show_for (~> 0.2.4)
  simple_form!
  sorcery (~> 0.7.5)
  sprite-factory (~> 1.4.1)
  sqlite3 (~> 1.3.4)
  squeel (~> 0.9.3)
  stringex (~> 1.3.0)
  therubyracer (~> 0.9.9)
  thin (~> 1.3.1)
  thinking-sphinx (~> 2.0.10)
  timecop (~> 0.3.5)
  uglifier (>= 1.0.3)
  valid_attribute (~> 1.2.0)
